GEM
  remote: https://rubygems.org/
  specs:
    haml (5.0.4)
      temple (>= 0.8.0)
      tilt
    rack (2.0.5)
    temple (0.8.0)
    tilt (2.0.8)

PLATFORMS
  ruby

DEPENDENCIES
  haml (~> 5.0)
  rack (~> 2.0)

BUNDLED WITH
   1.16.4
